GEM
  specs:
    coderay (1.1.3)
    method_source (1.0.0)
    pry (0.14.1)
      coderay (~> 1.1)
      method_source (~> 1.0)

PLATFORMS
  x64-mingw32

DEPENDENCIES
  pry (~> 0.14.1)

RUBY VERSION
   ruby 3.0.5p211

BUNDLED WITH
   2.3.23
